PATH
  remote: .
  specs:
    paypal_adaptive (0.2.5)
      json (~> 1.6.0)
      jsonschema (~> 2.0.0)
      rake (~> 10.0)

GEM
  remote: http://rubygems.org/
  specs:
    json (1.6.8)
    jsonschema (2.0.2)
    rake (10.0.3)

PLATFORMS
  ruby

DEPENDENCIES
  paypal_adaptive!
